PATH
  remote: .
  specs:
    google_merchant (0.0.1)

GEM
  remote: https://rubygems.org/
  specs:

PLATFORMS
  ruby

DEPENDENCIES
  google_merchant!
